PATH
  remote: .
  specs:
    activitystreams (0.0.4)
      activesupport (>= 2.3)
      addressable
      attr_required (>= 0.0.5)
      i18n
      json (>= 1.4.3)

GEM
  remote: http://rubygems.org/
  specs:
    activesupport (6.0.0)
      concurrent-ruby (~> 1.0, >= 1.0.2)
      i18n (>= 0.7, < 2)
      minitest (~> 5.1)
      tzinfo (~> 1.1)
      zeitwerk (~> 2.1, >= 2.1.8)
    addressable (2.3.5)
    attr_required (0.0.5)
    concurrent-ruby (1.1.5)
    configatron (2.13.0)
      yamler (>= 0.1.0)
    cover_me (1.2.0)
      configatron
      hashie
    diff-lcs (1.1.2)
    hashie (2.0.5)
    i18n (1.7.0)
      concurrent-ruby (~> 1.0)
    json (1.8.0)
    minitest (5.12.2)
    rake (0.9.2)
    rspec (2.6.0)
      rspec-core (~> 2.6.0)
      rspec-expectations (~> 2.6.0)
      rspec-mocks (~> 2.6.0)
    rspec-core (2.6.4)
    rspec-expectations (2.6.0)
      diff-lcs (~> 1.1.2)
    rspec-mocks (2.6.0)
    thread_safe (0.3.6)
    tzinfo (1.2.5)
      thread_safe (~> 0.1)
    yamler (0.1.0)
    zeitwerk (2.2.0)

PLATFORMS
  ruby

DEPENDENCIES
  activitystreams!
  cover_me (>= 1.2.0)
  rake (>= 0.8)
  rspec (>= 2)
