PATH
  remote: .
  specs:
    activitystreams (0.0.4)
      activesupport (>= 2.3)
      addressable
      attr_required (>= 0.0.5)
      i18n
      json (>= 1.4.3)

GEM
  remote: http://rubygems.org/
  specs:
    activesupport (4.0.0)
      i18n (~> 0.6, >= 0.6.4)
      minitest (~> 4.2)
      multi_json (~> 1.3)
      thread_safe (~> 0.1)
      tzinfo (~> 0.3.37)
    addressable (2.3.5)
    atomic (1.1.12)
    attr_required (0.0.5)
    configatron (2.13.0)
      yamler (>= 0.1.0)
    cover_me (1.2.0)
      configatron
      hashie
    diff-lcs (1.1.2)
    hashie (2.0.5)
    i18n (0.6.4)
    json (2.3.1)
    minitest (4.7.5)
    multi_json (1.7.9)
    rake (0.9.2)
    rspec (2.6.0)
      rspec-core (~> 2.6.0)
      rspec-expectations (~> 2.6.0)
      rspec-mocks (~> 2.6.0)
    rspec-core (2.6.4)
    rspec-expectations (2.6.0)
      diff-lcs (~> 1.1.2)
    rspec-mocks (2.6.0)
    thread_safe (0.1.2)
      atomic
    tzinfo (0.3.37)
    yamler (0.1.0)

PLATFORMS
  ruby

DEPENDENCIES
  activitystreams!
  cover_me (>= 1.2.0)
  rake (>= 0.8)
  rspec (>= 2)
